PATH
  remote: /Users/Graeme/Work/Factil/Repo/activefacts/api
  specs:
    activefacts-api (1.9.11)
      rbtree-pure (~> 0, >= 0.1.1)
      tracing (~> 2, >= 2.0.4)

PATH
  remote: /Users/Graeme/Work/Factil/Repo/activefacts/compositions
  specs:
    activefacts-compositions (1.9.10)
      activefacts-api (~> 1, >= 1.9.11)
      activefacts-cql (~> 1, >= 1.8)
      activefacts-metamodel (~> 1, >= 1.9.12)
      activesupport (~> 4, >= 4.2.7)
      json (~> 1.8)
      tracing (~> 2, >= 2.0.6)

PATH
  remote: /Users/Graeme/Work/Factil/Repo/activefacts/cql
  specs:
    activefacts-cql (1.8.2)
      activefacts-metamodel (~> 1, >= 1.9.5)
      treetop (~> 1.4, >= 1.4.14)

PATH
  remote: /Users/Graeme/Work/Factil/Repo/activefacts/factil
  specs:
    activefacts-factil (1.9.8)
      activefacts-compositions (~> 1, >= 1.9.9)
      activefacts-metamodel (~> 1, >= 1.9.12)
      json (~> 1.8)

PATH
  remote: /Users/Graeme/Work/Factil/Repo/activefacts/metamodel
  specs:
    activefacts-metamodel (1.9.12)
      activefacts-api (~> 1, >= 1.9.5)

GEM
  remote: https://rubygems.org/
  specs:
    activesupport (4.2.10)
      i18n (~> 0.7)
      minitest (~> 5.1)
      thread_safe (~> 0.3, >= 0.3.4)
      tzinfo (~> 1.1)
    byebug (1.8.2)
      columnize (~> 0.3.6)
      debugger-linecache (~> 1.2.0)
    columnize (0.3.6)
    debugger-linecache (1.2.0)
    diff-lcs (1.3)
    i18n (0.8.6)
    json (1.8.6)
    minitest (5.10.3)
    polyglot (0.3.5)
    rake (10.5.0)
    rbtree-pure (0.1.1)
    rspec (3.6.0)
      rspec-core (~> 3.6.0)
      rspec-expectations (~> 3.6.0)
      rspec-mocks (~> 3.6.0)
    rspec-core (3.6.0)
      rspec-support (~> 3.6.0)
    rspec-expectations (3.6.0)
      diff-lcs (>= 1.2.0, < 2.0)
      rspec-support (~> 3.6.0)
    rspec-mocks (3.6.0)
      diff-lcs (>= 1.2.0, < 2.0)
      rspec-support (~> 3.6.0)
    rspec-support (3.6.0)
    rubyzip (1.2.1)
    thread_safe (0.3.6)
    tracing (2.0.8)
    treetop (1.6.8)
      polyglot (~> 0.3)
    tzinfo (1.2.3)
      thread_safe (~> 0.1)

PLATFORMS
  ruby

DEPENDENCIES
  activefacts-api!
  activefacts-compositions!
  activefacts-cql!
  activefacts-factil!
  activefacts-metamodel!
  bundler (>= 1.10)
  byebug (~> 1.8.2)
  json (~> 1.8)
  rake (~> 10.0)
  rspec (~> 3.3)
  rubyzip

BUNDLED WITH
   1.12.5
